GEM
  remote: https://rubygems.org/
  specs:
    csv (3.3.5)
    minitest (5.25.5)
    rake (13.3.0)

PLATFORMS
  arm64-darwin-24
  ruby

DEPENDENCIES
  csv (~> 3.0)
  minitest (~> 5.0)
  rake (~> 13.0)

RUBY VERSION
   ruby 3.4.6p54

BUNDLED WITH
   2.6.9
